GEM
  remote: https://rubygems.org/
  specs:
    ast (2.4.0)
    coderay (1.1.2)
    concurrent-ruby (1.1.4)
    diffy (2.1.4)
    ffi (1.9.25)
    ffi (1.9.25-x64-mingw32)
    ffi (1.9.25-x86-mingw32)
    graphviz (1.1.0)
      process-pipeline
    hike (1.2.3)
    json-schema-generator (0.0.9)
      jsonpath
    jsonpath (0.9.8)
      multi_json
      to_regexp (~> 0.2.1)
    logger (1.3.0)
    method_source (0.9.2)
    mini_portile2 (2.3.0)
    multi_json (1.13.1)
    neatjson (0.8.4)
    nokogiri (1.8.2)
      mini_portile2 (~> 2.3.0)
    nokogiri (1.8.2-x64-mingw32)
      mini_portile2 (~> 2.3.0)
    nokogiri (1.8.2-x86-mingw32)
      mini_portile2 (~> 2.3.0)
    opal (0.11.4)
      ast (>= 2.3.0)
      hike (~> 1.2)
      parser (= 2.3.3.1)
      sourcemap (~> 0.1.0)
    opal-jquery (0.4.3)
      opal (>= 0.10.0, < 0.12.0)
    opal-sprockets (0.4.2.0.11.0.3.1)
      opal (~> 0.11.0)
      sprockets (~> 3.1)
      tilt (>= 1.4)
    parser (2.3.3.1)
      ast (~> 2.2)
    polyglot (0.3.5)
    process-group (1.1.0)
    process-pipeline (1.0.1)
      process-group
    pry (0.12.2)
      coderay (~> 1.1.0)
      method_source (~> 0.9.0)
    rack (2.0.6)
    rake (12.3.2)
    rb-fsevent (0.10.3)
    rb-inotify (0.10.0)
      ffi (~> 1.0)
    redcarpet (3.4.0)
    rubyXL (3.3.31)
      nokogiri (>= 1.4.4)
      rubyzip (>= 1.1.6)
    rubyzip (1.2.2)
    sass (3.7.2)
      sass-listen (~> 4.0.0)
    sass-listen (4.0.0)
      rb-fsevent (~> 0.9, >= 0.9.4)
      rb-inotify (~> 0.9, >= 0.9.7)
    sourcemap (0.1.1)
    sprockets (3.7.2)
      concurrent-ruby (~> 1.0)
      rack (> 1, < 3)
    tilt (2.0.9)
    to_regexp (0.2.1)
    treetop (1.6.10)
      polyglot (~> 0.3)
    vector2d (2.1.0)
    wortsammler (1.0.3)
      diffy (~> 2.1.3)
      logger
      nokogiri (= 1.8.2)
      rubyXL
      rubyzip
      treetop
    zip (2.0.2)

PLATFORMS
  ruby
  x64-mingw32
  x86-mingw32

DEPENDENCIES
  bundler
  graphviz
  json-schema-generator
  neatjson
  opal (~> 0.11)
  opal-jquery
  opal-sprockets
  pry
  rake
  redcarpet
  sass
  vector2d (~> 2.1.0)
  wortsammler (~> 1.0.3)
  zip

RUBY VERSION
   ruby 2.4.1p111

BUNDLED WITH
   1.16.1
