GEM
  remote: https://rubygems.org/
  specs:
    ast (2.4.0)
    coderay (1.1.2)
    concurrent-ruby (1.1.5)
    diffy (2.1.4)
    ffi (1.15.5)
    graphviz (1.1.0)
      process-pipeline
    json-schema-generator (0.0.9)
      jsonpath
    jsonpath (1.0.4)
      multi_json
      to_regexp (~> 0.2.1)
    logger (1.3.0)
    method_source (0.9.2)
    mini_portile2 (2.3.0)
    multi_json (1.13.1)
    neatjson (0.8.4)
    nokogiri (1.8.2)
      mini_portile2 (~> 2.3.0)
    opal (1.0.3)
      ast (>= 2.3.0)
      parser (~> 2.6)
    opal-jquery (0.4.4)
      opal (>= 0.10.0, < 1.1)
    opal-sprockets (0.4.5.1.0.3.7)
      opal (~> 1.0.0)
      sprockets (~> 3.7)
      tilt (>= 1.4)
    parser (2.7.0.2)
      ast (~> 2.4.0)
    polyglot (0.3.5)
    process-group (1.1.0)
    process-pipeline (1.0.1)
      process-group
    pry (0.12.2)
      coderay (~> 1.1.0)
      method_source (~> 0.9.0)
    rack (2.0.7)
    rake (12.3.2)
    rb-fsevent (0.10.3)
    rb-inotify (0.10.0)
      ffi (~> 1.0)
    rb-readline (0.5.5)
    redcarpet (3.4.0)
    rubyXL (3.4.6)
      nokogiri (>= 1.4.4)
      rubyzip (>= 1.1.6)
    rubyzip (1.2.4)
    sass (3.7.4)
      sass-listen (~> 4.0.0)
    sass-listen (4.0.0)
      rb-fsevent (~> 0.9, >= 0.9.4)
      rb-inotify (~> 0.9, >= 0.9.7)
    sprockets (3.7.2)
      concurrent-ruby (~> 1.0)
      rack (> 1, < 3)
    tilt (2.0.9)
    to_regexp (0.2.1)
    treetop (1.6.10)
      polyglot (~> 0.3)
    vector2d (2.1.0)
    wortsammler (2.0.0.dev4)
      diffy (~> 2.1.3)
      logger
      nokogiri (= 1.8.2)
      rubyXL
      rubyzip
      treetop
    zip (2.0.2)

PLATFORMS
  ruby

DEPENDENCIES
  bundler
  graphviz
  json-schema-generator
  neatjson
  opal (~> 1.0)
  opal-jquery
  opal-sprockets
  pry
  rake
  rb-readline
  redcarpet
  sass
  vector2d (~> 2.1.0)
  wortsammler (~> 2.0.0.dev4)
  zip

RUBY VERSION
   ruby 2.7.2p137

BUNDLED WITH
   2.1.4
